GIT
  remote: git://github.com/colindean/bzip2-ruby
  revision: 3c799788230fa45e0f0e3326a1dca0339f08ff1e
  specs:
    bzip2-ruby (0.2.7)

GIT
  remote: git://github.com/colindean/cucumber.git
  revision: ef3d5c87eeac42f339d4ccb6fb45a9e521a4c842
  specs:
    cucumber (0.10.0)
      builder (>= 2.1.2)
      diff-lcs (~> 1.1.2)
      gherkin (~> 2.3.3)
      json (~> 1.4.6)
      term-ansicolor (~> 1.0.5)

GIT
  remote: git://github.com/colindean/gettext.git
  revision: b3da7fe7373a7bbb106d90c30d4ccb69ed1d9c22
  specs:
    gettext (2.0.0)
      locale

GIT
  remote: git://github.com/colindean/gherkin
  revision: 2a11583759211e358c2396ba8d0c25081b9d6057
  specs:
    gherkin (2.3.3)
      json (~> 1.4.6)

GIT
  remote: git://github.com/grosser/fast_gettext.git
  revision: d7981583d327a2a7a1b589d78c313daebbe6b584
  specs:
    fast_gettext (0.5.10)

GIT
  remote: git://github.com/grosser/gettext_i18n_rails.git
  revision: 98cf53ba84e20eaae30f9191dd172336fac1f6bc
  specs:
    gettext_i18n_rails (0.2.14)
      fast_gettext

GIT
  remote: git://github.com/odorcicd/authlogic.git
  revision: a087ad0cba3c165ba22fcf176c28b6f7517931e8
  branch: rails3
  specs:
    authlogic (2.1.3)
      activesupport

GIT
  remote: git://github.com/parasew/acts_as_tree.git
  revision: ed52495d1671c99e1add582628403bf8104e9077
  specs:
    acts_as_tree (1.2.3)

GEM
  remote: http://rubygems.org/
  specs:
    abstract (1.0.0)
    actionmailer (3.0.1)
      actionpack (= 3.0.1)
      mail (~> 2.2.5)
    actionpack (3.0.1)
      activemodel (= 3.0.1)
      activesupport (= 3.0.1)
      builder (~> 2.1.2)
      erubis (~> 2.6.6)
      i18n (~> 0.4.1)
      rack (~> 1.2.1)
      rack-mount (~> 0.6.12)
      rack-test (~> 0.5.4)
      tzinfo (~> 0.3.23)
    activemerchant (1.10.0)
      activesupport (>= 2.3.2)
      braintree (>= 2.0.0)
      builder (>= 2.0.0)
    activemodel (3.0.1)
      activesupport (= 3.0.1)
      builder (~> 2.1.2)
      i18n (~> 0.4.1)
    activerecord (3.0.1)
      activemodel (= 3.0.1)
      activesupport (= 3.0.1)
      arel (~> 1.0.0)
      tzinfo (~> 0.3.23)
    activeresource (3.0.1)
      activemodel (= 3.0.1)
      activesupport (= 3.0.1)
    activesupport (3.0.1)
    annotate (2.4.0)
    arel (1.0.1)
      activesupport (~> 3.0.0)
    aws-s3 (0.6.2)
      builder
      mime-types
      xml-simple
    braintree (2.7.0)
      builder
    builder (2.1.2)
    capybara (0.4.1.1)
      celerity (>= 0.7.9)
      culerity (>= 0.2.4)
      mime-types (>= 1.16)
      nokogiri (>= 1.3.3)
      rack (>= 1.0.0)
      rack-test (>= 0.5.4)
      selenium-webdriver (>= 0.0.27)
      xpath (~> 0.1.3)
    celerity (0.8.7)
    cucumber-rails (0.3.2)
      cucumber (>= 0.8.0)
    culerity (0.2.15)
    diff-lcs (1.1.2)
    erubis (2.6.6)
      abstract (>= 1.0.0)
    factory_girl (1.3.3)
    factory_girl_rails (1.0.1)
      factory_girl (~> 1.3)
      railties (>= 3.0.0)
    ffi (1.0.5)
      rake (>= 0.8.7)
    i18n (0.4.2)
    jquery-rails (0.2.6)
      rails (~> 3.0)
      thor (~> 0.14.4)
    json (1.4.6)
    json_pure (1.5.1)
    locale (2.0.5)
    mail (2.2.15)
      activesupport (>= 2.3.6)
      i18n (>= 0.4.0)
      mime-types (~> 1.16)
      treetop (~> 1.4.8)
    mime-types (1.16)
    money (3.5.5)
      i18n (~> 0.4)
    nokogiri (1.5.0.beta.4)
    polyglot (0.3.1)
    rack (1.2.1)
    rack-mount (0.6.13)
      rack (>= 1.0.0)
    rack-test (0.5.7)
      rack (>= 1.0)
    rails (3.0.1)
      actionmailer (= 3.0.1)
      actionpack (= 3.0.1)
      activerecord (= 3.0.1)
      activeresource (= 3.0.1)
      activesupport (= 3.0.1)
      bundler (~> 1.0.0)
      railties (= 3.0.1)
    railties (3.0.1)
      actionpack (= 3.0.1)
      activesupport (= 3.0.1)
      rake (>= 0.8.4)
      thor (~> 0.14.0)
    rake (0.8.7)
    rspec (2.0.1)
      rspec-core (~> 2.0.1)
      rspec-expectations (~> 2.0.1)
      rspec-mocks (~> 2.0.1)
    rspec-core (2.0.1)
    rspec-expectations (2.0.1)
      diff-lcs (>= 1.1.2)
    rspec-mocks (2.0.1)
      rspec-core (~> 2.0.1)
      rspec-expectations (~> 2.0.1)
    rspec-rails (2.0.1)
      rspec (~> 2.0.0)
    rubyzip (0.9.4)
    selenium-webdriver (0.0.28)
      ffi (>= 0.6.1)
      json_pure
      rubyzip
    simple_form (1.3.1)
    spork (0.8.4)
    sqlite3 (1.3.3)
    sqlite3-ruby (1.3.3)
      sqlite3 (>= 1.3.3)
    steam-condenser (0.12.0)
      bzip2-ruby (~> 0.2.7)
    term-ansicolor (1.0.5)
    thor (0.14.6)
    treetop (1.4.9)
      polyglot (>= 0.3.1)
    tzinfo (0.3.24)
    watchr (0.7)
    will_paginate (3.0.pre2)
    xml-simple (1.0.14)
    xpath (0.1.3)
      nokogiri (~> 1.3)

PLATFORMS
  ruby

DEPENDENCIES
  activemerchant
  acts_as_tree!
  annotate
  authlogic!
  aws-s3
  bzip2-ruby!
  capybara
  cucumber!
  cucumber-rails
  factory_girl_rails
  fast_gettext!
  ffi (~> 1.0.0)
  gettext!
  gettext_i18n_rails!
  gherkin!
  jquery-rails
  money
  nokogiri (~> 1.5.0.beta.3)
  rails (= 3.0.1)
  rspec (~> 2.0.0.beta.20)
  rspec-rails (~> 2.0.0.beta.20)
  simple_form
  spork
  sqlite3-ruby
  steam-condenser
  watchr
  will_paginate (~> 3.0.beta)
